GEM
  remote: https://rubygems.org/
  specs:
    bigdecimal (3.1.9)
    concurrent-ruby (1.3.4)
    csv (3.3.2)
    httparty (0.22.0)
      csv
      mini_mime (>= 1.0.0)
      multi_xml (>= 0.5.2)
    mini_mime (1.1.5)
    multi_xml (0.7.1)
      bigdecimal (~> 3.1)
    tzinfo (2.0.6)
      concurrent-ruby (~> 1.0)
    tzinfo-data (1.2024.2)
      tzinfo (>= 1.0.0)

PLATFORMS
  ruby
  x86_64-linux-musl

DEPENDENCIES
  httparty (~> 0.22.0)
  tzinfo (~> 2.0)
  tzinfo-data (~> 1.2024.2)

BUNDLED WITH
   2.5.22
